PATH
  remote: .
  specs:
    chainenum (0.1.0)

GEM
  remote: https://rubygems.org/
  specs:
    minitest (5.11.3)
    rake (12.3.1)

PLATFORMS
  ruby

DEPENDENCIES
  bundler (~> 1.16)
  chainenum!
  minitest (~> 5.0)
  rake (~> 12.0)

BUNDLED WITH
   1.16.1
